GEM
  remote: https://rubygems.org/
  specs:
    atomic (1.1.16)
    rake (10.1.1)
    thread_safe (0.3.1)
      atomic (>= 1.1.7, < 2)

PLATFORMS
  ruby

DEPENDENCIES
  rake
  thread_safe
