GEM
  remote: https://rubygems.org/
  specs:
    i18n (0.6.11)

PLATFORMS
  java
  ruby

DEPENDENCIES
  i18n (~> 0.6.11)
