GIT
  remote: git://github.com/colszowka/simplecov.git
  revision: 3459c3530ba925967613719a79df9bac813c870e
  ref: 3459c35
  specs:
    simplecov (0.8.0.pre)
      multi_json
      simplecov-html (~> 0.7.1)

GEM
  remote: https://rubygems.org/
  specs:
    diff-lcs (1.2.5)
    multi_json (1.8.4)
    rake (10.1.1)
    rspec (2.14.1)
      rspec-core (~> 2.14.0)
      rspec-expectations (~> 2.14.0)
      rspec-mocks (~> 2.14.0)
    rspec-core (2.14.7)
    rspec-expectations (2.14.4)
      diff-lcs (>= 1.1.3, < 2.0)
    rspec-mocks (2.14.4)
    simplecov-html (0.7.1)

PLATFORMS
  ruby

DEPENDENCIES
  rake
  rspec
  simplecov!
