GEM
  remote: https://rubygems.org/
  specs:
    i18n (0.7.0)

PLATFORMS
  java
  ruby

DEPENDENCIES
  i18n
