GEM
  remote: https://rubygems.org/
  specs:
    atomic (1.1.16)
    diff-lcs (1.2.5)
    rake (10.1.1)
    rspec (2.14.1)
      rspec-core (~> 2.14.0)
      rspec-expectations (~> 2.14.0)
      rspec-mocks (~> 2.14.0)
    rspec-core (2.14.8)
    rspec-expectations (2.14.5)
      diff-lcs (>= 1.1.3, < 2.0)
    rspec-mocks (2.14.6)
    thread_safe (0.3.1)
      atomic (>= 1.1.7, < 2)

PLATFORMS
  ruby

DEPENDENCIES
  rake
  rspec
  thread_safe
